PATH
  remote: .
  specs:
    sys-proctree (0.0.4)
      sys-proctable (~> 0.9.2)

GEM
  remote: http://rubygems.org/
  specs:
    diff-lcs (1.1.3)
    flog (3.2.2)
      ruby_parser (~> 3.1, > 3.1.0)
      sexp_processor (~> 4.0)
    hashr (0.0.22)
    multi_json (1.6.1)
    os (0.9.6)
    rake (10.0.3)
    rspec (2.12.0)
      rspec-core (~> 2.12.0)
      rspec-expectations (~> 2.12.0)
      rspec-mocks (~> 2.12.0)
    rspec-core (2.12.2)
    rspec-expectations (2.12.1)
      diff-lcs (~> 1.1.3)
    rspec-mocks (2.12.2)
    ruby_parser (3.1.1)
      sexp_processor (~> 4.1)
    sexp_processor (4.1.5)
    simplecov (0.7.1)
      multi_json (~> 1.0)
      simplecov-html (~> 0.7.1)
    simplecov-html (0.7.1)
    sys-proctable (0.9.2)
    travis-lint (1.6.0)
      hashr (~> 0.0.22)

PLATFORMS
  ruby

DEPENDENCIES
  flog (~> 3.2.2)
  os (~> 0.9.6)
  rake (~> 10.0.3)
  rspec (~> 2.12)
  simplecov (~> 0.7.1)
  sys-proctable (~> 0.9.2)
  sys-proctree!
  travis-lint (~> 1.6.0)
