PATH
  remote: .
  specs:
    sys-proctree (0.0.4)
      sys-proctable (~> 0.9.2)

GEM
  remote: http://rubygems.org/
  specs:
    configatron (2.10.0)
      yamler (>= 0.1.0)
    cover_me (1.2.0)
      configatron
      hashie
    diff-lcs (1.1.3)
    flog (3.2.2)
      ruby_parser (~> 3.1, > 3.1.0)
      sexp_processor (~> 4.0)
    hashie (2.0.0)
    hashr (0.0.22)
    os (0.9.6)
    rake (10.0.3)
    rspec (2.12.0)
      rspec-core (~> 2.12.0)
      rspec-expectations (~> 2.12.0)
      rspec-mocks (~> 2.12.0)
    rspec-core (2.12.2)
    rspec-expectations (2.12.1)
      diff-lcs (~> 1.1.3)
    rspec-mocks (2.12.2)
    ruby_parser (3.1.1)
      sexp_processor (~> 4.1)
    sexp_processor (4.1.5)
    sys-proctable (0.9.2)
    travis-lint (1.6.0)
      hashr (~> 0.0.22)
    yamler (0.1.0)

PLATFORMS
  ruby

DEPENDENCIES
  cover_me (~> 1.2.0)
  flog (~> 3.2.2)
  os (~> 0.9.6)
  rake (~> 10.0.3)
  rspec (~> 2.12)
  sys-proctable (~> 0.9.2)
  sys-proctree!
  travis-lint (~> 1.6.0)
